GIT
  remote: git://github.com/jetviper21/compass-themes.git
  revision: 763af3dd12dfe2a20d740e111a1083b8037bbfba
  specs:
    compass-themes (0.0.1)
      compass (~> 0.11.beta.1)
      haml (>= 3.1.alpha.214)
      sass (~> 3.1.0.alpha.218)

PATH
  remote: ../typus
  specs:
    typus (3.0.6)
      fastercsv (~> 1.5)
      render_inheritable
      will_paginate (~> 3.0.pre2)

GEM
  remote: http://rubygems.org/
  specs:
    abstract (1.0.0)
    actionmailer (3.0.3)
      actionpack (= 3.0.3)
      mail (~> 2.2.9)
    actionpack (3.0.3)
      activemodel (= 3.0.3)
      activesupport (= 3.0.3)
      builder (~> 2.1.2)
      erubis (~> 2.6.6)
      i18n (~> 0.4)
      rack (~> 1.2.1)
      rack-mount (~> 0.6.13)
      rack-test (~> 0.5.6)
      tzinfo (~> 0.3.23)
    activemodel (3.0.3)
      activesupport (= 3.0.3)
      builder (~> 2.1.2)
      i18n (~> 0.4)
    activerecord (3.0.3)
      activemodel (= 3.0.3)
      activesupport (= 3.0.3)
      arel (~> 2.0.2)
      tzinfo (~> 0.3.23)
    activeresource (3.0.3)
      activemodel (= 3.0.3)
      activesupport (= 3.0.3)
    activesupport (3.0.3)
    arel (2.0.7)
    beanstalk-client (1.1.0)
    builder (2.1.2)
    capistrano (2.5.19)
      highline
      net-scp (>= 1.0.0)
      net-sftp (>= 2.0.0)
      net-ssh (>= 2.0.14)
      net-ssh-gateway (>= 1.0.0)
    cgi_multipart_eof_fix (2.5.0)
    chunky_png (0.12.0)
    clbustos-rtf (0.4.2)
    compass (0.11.beta.2)
      chunky_png (~> 0.12.0)
      sass (>= 3.1.0.alpha.218)
    daemons (1.1.0)
    dirty-memoize (0.0.4)
    distribution (0.4.0)
    erubis (2.6.6)
      abstract (>= 1.0.0)
    extendmatrix (0.3.1)
    factory_girl (1.3.3)
    factory_girl_rails (1.0.1)
      factory_girl (~> 1.3)
      railties (>= 3.0.0)
    fancy-buttons (1.0.4)
      compass (>= 0.10.6)
    fastercsv (1.5.4)
    fastthread (1.0.7)
    gem_plugin (0.2.3)
    god (0.11.0)
    haml (3.1.0.alpha.147)
    highline (1.6.1)
    home_run (1.0.0)
    hpricot (0.8.3)
    i18n (0.5.0)
    json_pure (1.5.1)
    mail (2.2.15)
      activesupport (>= 2.3.6)
      i18n (>= 0.4.0)
      mime-types (~> 1.16)
      treetop (~> 1.4.8)
    mime-types (1.16)
    minimization (0.2.1)
      text-table (~> 1.2)
    mongrel (1.1.5)
      cgi_multipart_eof_fix (>= 2.4)
      daemons (>= 1.0.3)
      fastthread (>= 1.0.1)
      gem_plugin (>= 0.2.3)
    mysql (2.8.1)
    net-scp (1.0.4)
      net-ssh (>= 1.99.1)
    net-sftp (2.0.5)
      net-ssh (>= 2.0.9)
    net-ssh (2.1.0)
    net-ssh-gateway (1.0.1)
      net-ssh (>= 1.99.1)
    polyglot (0.3.1)
    prawn (0.8.4)
      prawn-core (>= 0.8.4, < 0.9)
      prawn-layout (>= 0.8.4, < 0.9)
      prawn-security (>= 0.8.4, < 0.9)
    prawn-core (0.8.4)
    prawn-layout (0.8.4)
    prawn-security (0.8.4)
    prawn-svg (0.9.1.10)
      prawn (>= 0.8.4)
      prawn-core (>= 0.8.4)
    rack (1.2.1)
    rack-mount (0.6.13)
      rack (>= 1.0.0)
    rack-test (0.5.7)
      rack (>= 1.0)
    rails (3.0.3)
      actionmailer (= 3.0.3)
      actionpack (= 3.0.3)
      activerecord (= 3.0.3)
      activeresource (= 3.0.3)
      activesupport (= 3.0.3)
      bundler (~> 1.0)
      railties (= 3.0.3)
    railties (3.0.3)
      actionpack (= 3.0.3)
      activesupport (= 3.0.3)
      rake (>= 0.8.7)
      thor (~> 0.14.4)
    rake (0.8.7)
    render_inheritable (1.0.0)
      rails (~> 3.0)
    reportbuilder (1.4.0)
      clbustos-rtf (~> 0.4.0)
      prawn (~> 0.8.4)
      prawn-svg (~> 0.9.1)
      text-table (~> 1.2)
    rserve-client (0.2.5)
    ruby-ole (1.2.11.1)
    ruby_parser (2.0.5)
      sexp_processor (~> 3.0)
    rubyvis (0.4.1)
    sass (3.1.0.alpha.221)
    sexp_processor (3.0.5)
    shoulda (2.11.3)
    spreadsheet (0.6.5.1)
      ruby-ole (>= 1.0)
    stalker (0.7.0)
      beanstalk-client
      json_pure
    statistics2 (0.54)
    statsample (1.0.1)
      dirty-memoize (~> 0.0)
      distribution (~> 0.3)
      extendmatrix (~> 0.3.1)
      fastercsv (> 0)
      minimization (~> 0.2.0)
      reportbuilder (~> 1.4)
      rserve-client (~> 0.2.5)
      rubyvis (~> 0.4.0)
      spreadsheet (~> 0.6.5)
      statsample-bivariate-extension (> 0)
    statsample-bivariate-extension (0.16.1)
    text-table (1.2.2)
    thor (0.14.6)
    treetop (1.4.9)
      polyglot (>= 0.3.1)
    tzinfo (0.3.24)
    will_paginate (3.0.pre2)

PLATFORMS
  ruby

DEPENDENCIES
  capistrano
  compass (>= 0.11.beta.1)
  compass-themes!
  factory_girl_rails
  fancy-buttons
  god
  haml
  home_run
  hpricot
  mongrel
  mysql
  rails (= 3.0.3)
  ruby_parser
  shoulda
  stalker
  statistics2
  statsample
  typus!
  will_paginate (~> 3.0.beta)
